GEM
  remote: https://rubygems.org/
  specs:
    cf-autoconfig (0.2.1)
      cf-runtime (= 0.2.0)
    cf-runtime (0.2.0)
    daemons (1.2.4)
    eventmachine (1.2.0.1)
    pg (0.18.4)
    rack (1.6.4)
    rack-protection (1.5.3)
      rack
    sinatra (1.4.7)
      rack (~> 1.5)
      rack-protection (~> 1.4)
      tilt (>= 1.3, < 3)
    thin (1.7.0)
      daemons (~> 1.0, >= 1.0.9)
      eventmachine (~> 1.0, >= 1.0.4)
      rack (>= 1, < 3)
    tilt (2.0.5)

PLATFORMS
  ruby

DEPENDENCIES
  cf-autoconfig (~> 0.2.1)
  pg
  sinatra
  thin

RUBY VERSION
   ruby 2.3.1p112

BUNDLED WITH
   1.12.5
